GEM
  remote: https://rubygems.org/
  specs:
    numo-gnuplot (0.2.4)

PLATFORMS
  ruby

DEPENDENCIES
  numo-gnuplot (~> 0.2.4)

BUNDLED WITH
   1.16.1
